PATH
  remote: .
  specs:
    sidekiq (0.5.1)
      celluloid (~> 0.17.4)
      connection_pool (~> 1.2)
      multi_json (~> 1.2)
      redis (~> 3.3, >= 3.3.5)

GEM
  remote: http://rubygems.org/
  specs:
    celluloid (0.17.4)
      celluloid-essentials
      celluloid-extras
      celluloid-fsm
      celluloid-pool
      celluloid-supervision
      timers (>= 4.1.1)
    celluloid-essentials (0.20.5)
      timers (>= 4.1.1)
    celluloid-extras (0.20.5)
      timers (>= 4.1.1)
    celluloid-fsm (0.20.5)
      timers (>= 4.1.1)
    celluloid-pool (0.20.5)
      timers (>= 4.1.1)
    celluloid-supervision (0.20.6)
      timers (>= 4.1.1)
    connection_pool (1.2.0)
    docile (1.4.0)
    json (2.7.1)
    json (2.7.1-java)
    minitest (5.22.2)
    multi_json (1.15.0)
    rake (10.5.0)
    redis (3.3.5)
    simplecov (0.17.1)
      docile (~> 1.1)
      json (>= 1.8, < 3)
      simplecov-html (~> 0.10.0)
    simplecov-html (0.10.2)
    timers (4.3.5)

PLATFORMS
  java
  ruby

DEPENDENCIES
  minitest (~> 5.3)
  rake (~> 10.3, >= 10.3.2)
  sidekiq!
  simplecov (~> 0.17.1)

BUNDLED WITH
   2.4.22
